GEM
  remote: http://rubygems.org/
  specs:
    rack (1.3.0)
    rdiscount (1.6.8)
    sinatra (1.2.6)
      rack (~> 1.1)
      tilt (>= 1.2.2, < 2.0)
    tilt (1.3.2)

PLATFORMS
  ruby
  x86-mingw32

DEPENDENCIES
  rdiscount
  sinatra (= 1.2.6)
